GEM
  remote: https://rubygems.org/
  specs:
    cane (2.5.2)
      parallel
    parallel (0.6.2)
    rake (10.0.3)
    reek (1.3.1)
      ruby2ruby (~> 2.0.2)
      ruby_parser (~> 3.1.1)
      sexp_processor
    ruby2ruby (2.0.3)
      ruby_parser (~> 3.1)
      sexp_processor (~> 4.0)
    ruby_parser (3.1.1)
      sexp_processor (~> 4.1)
    sexp_processor (4.1.5)

PLATFORMS
  ruby

DEPENDENCIES
  cane
  rake
  reek
